GEM
  remote: https://rubygems.org/
  specs:
    awesome_print (1.1.0)
    cls (0.0.3)
    highline (1.6.15)
    mime-types (1.21)
    rest-client (1.6.7)
      mime-types (>= 1.16)
    values (1.5.0)

PLATFORMS
  ruby

DEPENDENCIES
  awesome_print
  cls (~> 0.0.3)
  highline
  rest-client
  values (~> 1.5.0)
