GEM
  remote: https://rubygems.org/
  specs:
    awesome_print (1.1.0)
    cls (0.0.3)
    coderay (1.1.1)
    highline (1.6.15)
    method_source (0.8.2)
    pry (0.10.4)
      coderay (~> 1.1.0)
      method_source (~> 0.8.1)
      slop (~> 3.4)
    slop (3.6.0)
    values (1.5.0)

PLATFORMS
  ruby

DEPENDENCIES
  awesome_print
  cls (~> 0.0.3)
  highline
  pry
  values (~> 1.5.0)
